{
  "TaskName": "rest",
  "MagneticFieldStrength": 3,
  "Manufacturer": "Siemens",
  "ManufacturersModelName": "Verio",
  "BodyPartExamined": "HEAD",
  "PatientPosition": "HFS",
  "MRAcquisitionType": "2D",
  "ScanningSequence": "EP",
  "SequenceVariant": "SK",
  "ScanOptions": "FS",
  "ImageType": [
    "ORIGINAL",
    "PRIMARY",
    "M",
    "ND",
    "MOSAIC"
  ],
  "SliceThickness": 3,
  "SpacingBetweenSlices": 3.75,
  "EchoTime": 0.03,
  "RepetitionTime": 2.4,
  "FlipAngle": 90,
  "PercentPhaseFOV": 100,
  "PhaseEncodingSteps": 64,
  "AcquisitionMatrixPE": 64,
  "ReconMatrixPE": 64,
  "EffectiveEchoSpacing":  0.000510004,
  "TotalReadoutTime": 0.0321303,
  "PhaseEncodingDirection": "i",
  "SliceTiming": [
    1.205,
    0,
    1.2725,
    0.0675,
    1.3375,
    0.135,
    1.405,
    0.2,
    1.4725,
    0.2675,
    1.54,
    0.335,
    1.605,
    0.4025,
    1.6725,
    0.4675,
    1.74,
    0.535,
    1.8075,
    0.6025,
    1.875,
    0.67,
    1.94,
    0.7375,
    2.0075,
    0.8025,
    2.075,
    0.87,
    2.1425,
    0.9375,
    2.2075,
    1.005,
    2.275,
    1.07,
    2.3425,
    1.1375
 ],
  "InPlanePhaseEncodingDirectionDICOM": "ROW",
  "Instructions": "Lie still with eyes closed, don't keep yourself busy with any specific mental task, just follow the stream of your thoughts."
}